GEM
  remote: https://rubygems.org/
  specs:
    coderay (1.1.3)
    dotenv (2.7.6)
    google-protobuf (3.12.4)
    googleapis-common-protos-types (1.0.5)
      google-protobuf (~> 3.11)
    grpc (1.30.2)
      google-protobuf (~> 3.12)
      googleapis-common-protos-types (~> 1.0)
    grpc-tools (1.31.1)
    jaeger-client (1.0.0)
      opentracing (~> 0.3)
      thrift
    method_source (1.0.0)
    opentracing (0.5.0)
    pry (0.13.1)
      coderay (~> 1.1)
      method_source (~> 1.0)
    rake (13.0.1)
    thrift (0.11.0.0)

PLATFORMS
  ruby

DEPENDENCIES
  bundler
  dotenv
  grpc
  grpc-tools
  jaeger-client
  opentracing
  pry
  rake

RUBY VERSION
   ruby 2.7.1p83

BUNDLED WITH
   2.1.4
